GEM
  remote: https://rubygems.org/
  specs:
    method_source (0.8.2)
    minitest (5.0.8)
    rake (10.1.0)

PLATFORMS
  ruby

DEPENDENCIES
  method_source
  minitest
  rake
